GEM
  remote: https://rubygems.org/
  specs:
    io (0.0.1)
    mail (2.7.0)
      mini_mime (>= 0.1.1)
    mini_mime (1.0.0)
    pony (1.12)
      mail (>= 2.0)

PLATFORMS
  ruby

DEPENDENCIES
  io
  pony

BUNDLED WITH
   1.16.1
